GEM
  remote: https://rubygems.org/
  specs:
    addressable (2.7.0)
      public_suffix (>= 2.0.2, < 5.0)
    byebug (11.1.3)
    concurrent-ruby (1.1.7)
    connection_pool (2.2.3)
    crack (0.4.4)
    daemons (1.3.1)
    diff-lcs (1.4.4)
    dotenv (2.7.6)
    ethon (0.12.0)
      ffi (>= 1.3.0)
    fakeredis (0.7.0)
      redis (>= 3.2, < 5.0)
    ffi (1.13.1)
    hashdiff (1.0.1)
    http-2 (0.10.2)
    net-http2 (0.18.3)
      http-2 (~> 0.10.1)
    pg (1.2.3)
    prometheus-client (0.4.2)
      quantile (~> 0.2.0)
    public_suffix (4.0.6)
    quantile (0.2.1)
    rake (12.3.0)
    redis (4.0.1)
    rspec (3.9.0)
      rspec-core (~> 3.9.0)
      rspec-expectations (~> 3.9.0)
      rspec-mocks (~> 3.9.0)
    rspec-core (3.9.3)
      rspec-support (~> 3.9.3)
    rspec-expectations (3.9.2)
      diff-lcs (>= 1.2.0, < 2.0)
      rspec-support (~> 3.9.0)
    rspec-mocks (3.9.1)
      diff-lcs (>= 1.2.0, < 2.0)
      rspec-support (~> 3.9.0)
    rspec-support (3.9.3)
    sequel (5.37.0)
    timecop (0.9.2)
    typhoeus (1.4.0)
      ethon (>= 0.9.0)
    webmock (3.9.2)
      addressable (>= 2.3.6)
      crack (>= 0.3.2)
      hashdiff (>= 0.4.0, < 2.0.0)

PLATFORMS
  ruby

DEPENDENCIES
  byebug
  concurrent-ruby (~> 1.1)
  connection_pool
  daemons (~> 1.2)
  dotenv
  fakeredis
  net-http2 (~> 0.18.0)
  pg (~> 1.2.3)
  prometheus-client (~> 0.4.2)
  rake (= 12.3.0)
  redis (= 4.0.1)
  rspec
  sequel
  timecop
  typhoeus (~> 1.3)
  webmock

BUNDLED WITH
   1.17.3
